PATH
  remote: .
  specs:
    qiniu-rs (6.0.0)
      json (~> 1.7)
      mime-types (~> 1.19)
      rest-client (~> 1.6)
      ruby-hmac (~> 0.4)

GEM
  remote: https://rubygems.org/
  specs:
    diff-lcs (1.2.4)
    fakeweb (1.3.0)
    json (1.8.0)
    mime-types (1.23)
    rake (10.1.0)
    rest-client (1.6.7)
      mime-types (>= 1.16)
    rspec (2.14.1)
      rspec-core (~> 2.14.0)
      rspec-expectations (~> 2.14.0)
      rspec-mocks (~> 2.14.0)
    rspec-core (2.14.4)
    rspec-expectations (2.14.0)
      diff-lcs (>= 1.1.3, < 2.0)
    rspec-mocks (2.14.2)
    ruby-hmac (0.4.0)

PLATFORMS
  ruby

DEPENDENCIES
  fakeweb (~> 1.3)
  qiniu-rs!
  rake (>= 0.9)
  rspec (>= 2.11)
