PATH
  remote: .
  specs:
    qiniu (6.4.1)
      faraday (>= 0.8, < 0.10)
      mime-types (>= 1.19, < 2.4.3)
      multi_json (~> 1.0)
      ruby-hmac (~> 0.4)

GEM
  remote: https://rubygems.org/
  specs:
    coderay (1.1.0)
    diff-lcs (1.1.3)
    fakeweb (1.3.0)
    faraday (0.9.1)
      multipart-post (>= 1.2, < 3)
    method_source (0.8.2)
    mime-types (2.4.2)
    multi_json (1.10.1)
    multipart-post (2.0.0)
    pry (0.10.1)
      coderay (~> 1.1.0)
      method_source (~> 0.8.1)
      slop (~> 3.4)
    rake (10.0.3)
    rspec (2.12.0)
      rspec-core (~> 2.12.0)
      rspec-expectations (~> 2.12.0)
      rspec-mocks (~> 2.12.0)
    rspec-core (2.12.2)
    rspec-expectations (2.12.1)
      diff-lcs (~> 1.1.3)
    rspec-mocks (2.12.2)
    ruby-hmac (0.4.0)
    slop (3.6.0)

PLATFORMS
  ruby

DEPENDENCIES
  fakeweb (~> 1.3)
  pry (>= 0.10.1)
  qiniu!
  rake (>= 0.9)
  rspec (>= 2.11)
